NUGET
  remote: https://vrvis.myget.org/F/aardvark_public
  specs:
    Aardvark.Application (2.6.6)
      Aardvark.Base.Incremental (>= 2.4.5 < 2.5)
      Aardvark.Base.Rendering (>= 2.6.6)
      FShade.Core (>= 2.3.5 < 2.4)
    Aardvark.Application.WinForms (2.6.6)
      Aardvark.Application (>= 2.6.6)
      Aardvark.Base.Incremental (>= 2.4.5 < 2.5)
      Aardvark.Base.Rendering (>= 2.6.6)
      FShade.Core (>= 2.3.5 < 2.4)
    Aardvark.Application.WinForms.GL (2.6.6)
      Aardvark.Application (>= 2.6.6)
      Aardvark.Application.WinForms (>= 2.6.6)
      Aardvark.Base.Incremental (>= 2.4.5 < 2.5)
      Aardvark.Base.Rendering (>= 2.6.6)
      Aardvark.Base.Runtime (>= 2.4.5 < 2.5)
      Aardvark.Rendering.GL (>= 2.6.6)
      FShade.Core (>= 2.3.5 < 2.4)
    Aardvark.Base (2.4.5)
      DevILSharp (>= 0.0.11 < 0.1)
    Aardvark.Base.Essentials (2.4.5)
      Aardvark.Base (>= 2.4.5)
      System.Collections.Immutable (>= 1.2 < 1.3)
      System.Reactive.Linq (>= 3.0 < 3.1)
    Aardvark.Base.FSharp (2.4.5)
      Aardvark.Base (>= 2.4.5)
      DevILSharp (>= 0.0.11 < 0.1)
    Aardvark.Base.Incremental (2.4.5)
      Aardvark.Base (>= 2.4.5)
      Aardvark.Base.Essentials (>= 2.4.5)
      Aardvark.Base.FSharp (>= 2.4.5)
      System.Reactive.Core (>= 3.0 < 3.1)
      System.Reactive.Interfaces (>= 3.0 < 3.1)
      System.Reactive.Linq (>= 3.0 < 3.1)
    Aardvark.Base.Rendering (2.6.6)
      Aardvark.Base.Incremental (>= 2.4.5 < 2.5)
      FShade.Core (>= 2.3.5 < 2.4)
    Aardvark.Base.Runtime (2.4.5)
      Aardvark.Base (>= 2.4.5)
      Aardvark.Base.Essentials (>= 2.4.5)
      Aardvark.Base.FSharp (>= 2.4.5)
      Aardvark.Base.Incremental (>= 2.4.5)
      System.Reactive.Core (>= 3.0 < 3.1)
      System.Reactive.Interfaces (>= 3.0 < 3.1)
      System.Reactive.Linq (>= 3.0 < 3.1)
    Aardvark.Rendering.GL (2.6.6)
      Aardvark.Base.Incremental (>= 2.4.5 < 2.5)
      Aardvark.Base.Rendering (>= 2.6.6)
      Aardvark.Base.Runtime (>= 2.4.5 < 2.5)
      FShade.Core (>= 2.3.5 < 2.4)
      FSharp.Quotations.Evaluator (>= 1.0.6 < 1.1)
    Aardvark.Rendering.NanoVg (2.6.6)
      Aardvark.Base.Incremental (>= 2.4.5 < 2.5)
      Aardvark.Base.Rendering (>= 2.6.6)
      Aardvark.Base.Runtime (>= 2.4.5 < 2.5)
      Aardvark.Rendering.GL (>= 2.6.6)
      FShade.Core (>= 2.3.5 < 2.4)
      FSharp.Quotations.Evaluator (>= 1.0.6 < 1.1)
      NanoVgSharp (>= 2.1 < 2.2)
    Aardvark.SceneGraph (2.6.6)
      Aardvark.Base.Incremental (>= 2.4.5 < 2.5)
      Aardvark.Base.Rendering (>= 2.6.6)
      FShade.Core (>= 2.3.5 < 2.4)
    FShade.Core (2.3.5)
      Aardvark.Base (>= 2.4 < 2.5)
      Aardvark.Base.FSharp (>= 2.4 < 2.5)
    NanoVgSharp (2.1.0)
      Aardvark.Base (>= 2.1)
      Aardvark.Base.FSharp (>= 2.1)
      Aardvark.Base.Incremental (>= 2.1)
  remote: http://api.nuget.org/v3/index.json
  specs:
    DevILSharp (0.0.13)
    FSharp.Quotations.Evaluator (1.0.7)
    Microsoft.NETCore.Platforms (1.1)
    Microsoft.NETCore.Targets (1.1)
    System.Collections (4.3)
      Microsoft.NETCore.Platforms (>= 1.1) - framework: dnxcore50
      Microsoft.NETCore.Targets (>= 1.1) - framework: dnxcore50
      System.Runtime (>= 4.3) - framework: dnxcore50
    System.Collections.Concurrent (4.3)
      System.Collections (>= 4.3) - framework: dnxcore50
      System.Diagnostics.Debug (>= 4.3) - framework: dnxcore50
      System.Diagnostics.Tracing (>= 4.3) - framework: dnxcore50
      System.Globalization (>= 4.3) - framework: dnxcore50
      System.Reflection (>= 4.3)
      System.Resources.ResourceManager (>= 4.3) - framework: dnxcore50
      System.Runtime (>= 4.3) - framework: dnxcore50
      System.Runtime.Extensions (>= 4.3) - framework: dnxcore50
      System.Threading (>= 4.3) - framework: dnxcore50
      System.Threading.Tasks (>= 4.3) - framework: dnxcore50
    System.Collections.Immutable (1.2)
      System.Collections (>= 4.0.11)
      System.Diagnostics.Debug (>= 4.0.11)
      System.Globalization (>= 4.0.11)
      System.Linq (>= 4.1)
      System.Resources.ResourceManager (>= 4.0.1)
      System.Runtime (>= 4.1)
      System.Runtime.Extensions (>= 4.1)
      System.Threading (>= 4.0.11)
    System.ComponentModel (4.3)
      System.Runtime (>= 4.3) - framework: dnxcore50
    System.Diagnostics.Debug (4.3)
      Microsoft.NETCore.Platforms (>= 1.1) - framework: dnxcore50
      Microsoft.NETCore.Targets (>= 1.1) - framework: dnxcore50
      System.Runtime (>= 4.3) - framework: dnxcore50
    System.Diagnostics.Tools (4.3)
      Microsoft.NETCore.Platforms (>= 1.1) - framework: dnxcore50
      Microsoft.NETCore.Targets (>= 1.1) - framework: dnxcore50
      System.Runtime (>= 4.3) - framework: dnxcore50
    System.Diagnostics.Tracing (4.3)
      Microsoft.NETCore.Platforms (>= 1.1) - framework: dnxcore50
      Microsoft.NETCore.Targets (>= 1.1) - framework: dnxcore50
      System.Runtime (>= 4.3) - framework: dnxcore50
    System.Dynamic.Runtime (4.3)
      System.Linq.Expressions (>= 4.3) - framework: dnxcore50
      System.ObjectModel (>= 4.3) - framework: dnxcore50
      System.Reflection (>= 4.3) - framework: dnxcore50
      System.Runtime (>= 4.3) - framework: dnxcore50
    System.Globalization (4.3)
      Microsoft.NETCore.Platforms (>= 1.1) - framework: dnxcore50
      Microsoft.NETCore.Targets (>= 1.1) - framework: dnxcore50
      System.Runtime (>= 4.3) - framework: dnxcore50
    System.IO (4.3)
      Microsoft.NETCore.Platforms (>= 1.1) - framework: dnxcore50
      Microsoft.NETCore.Targets (>= 1.1) - framework: dnxcore50
      System.Runtime (>= 4.3) - framework: dnxcore50
      System.Text.Encoding (>= 4.3) - framework: dnxcore50
      System.Threading.Tasks (>= 4.3) - framework: dnxcore50
    System.Linq (4.3)
      System.Collections (>= 4.3) - framework: dnxcore50
      System.Diagnostics.Debug (>= 4.3) - framework: dnxcore50
      System.Resources.ResourceManager (>= 4.3) - framework: dnxcore50
      System.Runtime (>= 4.3) - framework: dnxcore50
      System.Runtime.Extensions (>= 4.3) - framework: dnxcore50
    System.Linq.Expressions (4.3)
      System.Collections (>= 4.3) - framework: dnxcore50
      System.Diagnostics.Debug (>= 4.3) - framework: dnxcore50
      System.Globalization (>= 4.3) - framework: dnxcore50
      System.IO (>= 4.3) - framework: dnxcore50
      System.Linq (>= 4.3) - framework: dnxcore50
      System.ObjectModel (>= 4.3)
      System.Reflection (>= 4.3) - framework: dnxcore50
      System.Reflection.Emit (>= 4.3)
      System.Reflection.Emit.ILGeneration (>= 4.3) - framework: dnxcore50
      System.Reflection.Emit.Lightweight (>= 4.3) - framework: dnxcore50
      System.Reflection.Extensions (>= 4.3) - framework: dnxcore50
      System.Reflection.Primitives (>= 4.3) - framework: dnxcore50
      System.Reflection.TypeExtensions (>= 4.3) - framework: dnxcore50
      System.Resources.ResourceManager (>= 4.3) - framework: dnxcore50
      System.Runtime (>= 4.3) - framework: dnxcore50
      System.Runtime.Extensions (>= 4.3) - framework: dnxcore50
      System.Threading (>= 4.3) - framework: dnxcore50
    System.ObjectModel (4.3)
      System.Runtime (>= 4.3) - framework: dnxcore50
    System.Reactive.Core (3.0)
      System.Collections (>= 4.0.11)
      System.Collections.Concurrent (>= 4.0.12)
      System.ComponentModel (>= 4.0.1)
      System.Diagnostics.Debug (>= 4.0.11)
      System.Diagnostics.Tools (>= 4.0.1)
      System.Dynamic.Runtime (>= 4.0.11)
      System.Globalization (>= 4.0.11)
      System.Linq (>= 4.1)
      System.Reactive.Interfaces (>= 3.0) - framework: net45, >= net46, portable-net45+win8+wp8+wpa81, portable-net45+win8+wpa81
      System.Reflection (>= 4.1)
      System.Resources.ResourceManager (>= 4.0.1)
      System.Runtime (>= 4.1)
      System.Runtime.Extensions (>= 4.1)
      System.Threading (>= 4.0.11)
      System.Threading.Tasks (>= 4.0.11)
      System.Threading.Thread (>= 4.0)
      System.Threading.ThreadPool (>= 4.0.10)
      System.Threading.Timer (>= 4.0.1)
    System.Reactive.Interfaces (3.0)
      System.Linq.Expressions (>= 4.1)
      System.Resources.ResourceManager (>= 4.0.1)
      System.Runtime (>= 4.1)
    System.Reactive.Linq (3.0)
      System.Collections (>= 4.0.11)
      System.Collections.Concurrent (>= 4.0.12)
      System.ComponentModel (>= 4.0.1)
      System.Diagnostics.Debug (>= 4.0.11)
      System.Diagnostics.Tools (>= 4.0.1)
      System.Globalization (>= 4.0.11)
      System.Linq (>= 4.1)
      System.Reactive.Core (>= 3.0) - framework: net45, >= net46, portable-net45+win8+wp8+wpa81, portable-net45+win8+wpa81
      System.Reactive.Interfaces (>= 3.0) - framework: net45, >= net46, portable-net45+win8+wp8+wpa81, portable-net45+win8+wpa81
      System.Reflection (>= 4.1)
      System.Resources.ResourceManager (>= 4.0.1)
      System.Runtime (>= 4.1)
      System.Runtime.Extensions (>= 4.1)
      System.Runtime.InteropServices.WindowsRuntime (>= 4.0.1)
      System.Threading (>= 4.0.11)
      System.Threading.Tasks (>= 4.0.11)
    System.Reflection (4.3)
      Microsoft.NETCore.Platforms (>= 1.1) - framework: dnxcore50
      Microsoft.NETCore.Targets (>= 1.1) - framework: dnxcore50
      System.IO (>= 4.3) - framework: dnxcore50
      System.Reflection.Primitives (>= 4.3) - framework: dnxcore50
      System.Runtime (>= 4.3) - framework: dnxcore50
    System.Reflection.Emit (4.3)
      System.IO (>= 4.3)
      System.Reflection (>= 4.3)
      System.Reflection.Emit.ILGeneration (>= 4.3)
      System.Reflection.Primitives (>= 4.3)
      System.Runtime (>= 4.3)
    System.Reflection.Emit.ILGeneration (4.3)
      System.Reflection (>= 4.3)
      System.Reflection.Primitives (>= 4.3)
      System.Runtime (>= 4.3)
    System.Reflection.Emit.Lightweight (4.3)
      System.Reflection (>= 4.3)
      System.Reflection.Emit.ILGeneration (>= 4.3)
      System.Reflection.Primitives (>= 4.3)
      System.Runtime (>= 4.3)
    System.Reflection.Extensions (4.3)
      Microsoft.NETCore.Platforms (>= 1.1) - framework: dnxcore50
      Microsoft.NETCore.Targets (>= 1.1) - framework: dnxcore50
      System.Reflection (>= 4.3) - framework: dnxcore50
      System.Runtime (>= 4.3) - framework: dnxcore50
    System.Reflection.Primitives (4.3)
      Microsoft.NETCore.Platforms (>= 1.1) - framework: dnxcore50
      Microsoft.NETCore.Targets (>= 1.1) - framework: dnxcore50
      System.Runtime (>= 4.3) - framework: dnxcore50
    System.Reflection.TypeExtensions (4.3)
      System.Reflection (>= 4.3) - framework: dnxcore50
      System.Runtime (>= 4.3) - framework: dnxcore50
    System.Resources.ResourceManager (4.3)
      Microsoft.NETCore.Platforms (>= 1.1) - framework: dnxcore50
      Microsoft.NETCore.Targets (>= 1.1) - framework: dnxcore50
      System.Globalization (>= 4.3) - framework: dnxcore50
      System.Reflection (>= 4.3) - framework: dnxcore50
      System.Runtime (>= 4.3) - framework: dnxcore50
    System.Runtime (4.3)
      Microsoft.NETCore.Platforms (>= 1.1) - framework: dnxcore50
      Microsoft.NETCore.Targets (>= 1.1) - framework: dnxcore50
    System.Runtime.Extensions (4.3)
      Microsoft.NETCore.Platforms (>= 1.1) - framework: dnxcore50
      Microsoft.NETCore.Targets (>= 1.1) - framework: dnxcore50
      System.Runtime (>= 4.3) - framework: dnxcore50
    System.Runtime.InteropServices.WindowsRuntime (4.3)
      System.Runtime (>= 4.3) - framework: dnxcore50
    System.Text.Encoding (4.3)
      Microsoft.NETCore.Platforms (>= 1.1) - framework: dnxcore50
      Microsoft.NETCore.Targets (>= 1.1) - framework: dnxcore50
      System.Runtime (>= 4.3) - framework: dnxcore50
    System.Threading (4.3)
      System.Runtime (>= 4.3) - framework: dnxcore50
      System.Threading.Tasks (>= 4.3) - framework: dnxcore50
    System.Threading.Tasks (4.3)
      Microsoft.NETCore.Platforms (>= 1.1) - framework: dnxcore50
      Microsoft.NETCore.Targets (>= 1.1) - framework: dnxcore50
      System.Runtime (>= 4.3) - framework: dnxcore50
    System.Threading.Thread (4.3)
    System.Threading.ThreadPool (4.3)
    System.Threading.Timer (4.3)

GROUP Build
CONTENT: NONE
NUGET
  remote: http://api.nuget.org/v3/index.json
  specs:
    Chessie (0.5.1) - content: none
      FSharp.Core
    FAKE (4.17.1) - content: none
    FSharp.Core (4.0.0.1) - content: none
    Mono.Cecil (0.9.5.4) - content: none
    Newtonsoft.Json (8.0.3) - content: none
    SourceLink.Fake (1.1) - content: none
  remote: https://vrvis.myget.org/F/aardvark_public
  specs:
    Paket.Core.Temp (2.52.16) - content: none
      Chessie
      FSharp.Core
      Newtonsoft.Json
GITHUB
  remote: vrvis/Aardvark.Fake
  specs:
    FULLPROJECT (eb782182b4f3b4f468ca18a7dc79239912de012a)
      FAKE (>= 4.17.0 < 4.18.0)
      Mono.Cecil (>= 0.9.5.4 < 0.9.6.0)
      Paket.Core.Temp (>= 2.52.10 < 2.53.0)
      SourceLink.Fake (>= 1.1.0 < 1.2.0)