RESTRICTION: || (== net471) (== netcoreapp2.0) (== netstandard2.0)
NUGET
  remote: https://vrvis.myget.org/F/aardvark_public/api/v3/index.json
    Aardium (1.0.9)
      Aardvark.Base.FSharp (>= 4.0.4)
    Another.Unofficial.Xilium.CefGlue (0.2.2)
    Another.Unofficial.Xilium.CefGlue.UnpackNativeDependencies (0.2.2)
      SharpZipLib (>= 0.86 < 0.87)
    Another.Unofficial.Xilium.CefGlue.WindowsForms (0.2.2)
      Another.Unofficial.Xilium.CefGlue (0.2.2)
    DevILSharp (0.2.4)
      FSharp.Core (>= 4.3 < 4.4)
    Unofficial.AssimpNet (4.0.1)
    Unofficial.LibTessDotNet (2.0.0)
    Unofficial.OpenTK (3.0.16)
    Unofficial.OpenTK.GLControl (3.0.16)
      Unofficial.OpenTK (3.0.16)
    Unofficial.Typography (0.0.2)
  remote: https://api.nuget.org/v3/index.json
    Aardvark.Application (4.3.18)
      Aardvark.Base.Essentials (>= 4.0.16 < 4.1)
      Aardvark.Base.Incremental (>= 4.0.16 < 4.1)
      Aardvark.Base.Rendering (4.3.18)
      FShade.Core (>= 4.1.13 < 4.2)
      FSharp.Core (>= 4.3 < 4.4)
    Aardvark.Application.Slim.GL (4.3.18)
      Aardvark.Application (4.3.18)
      Aardvark.Base.Essentials (>= 4.0.16 < 4.1)
      Aardvark.Base.Incremental (>= 4.0.16 < 4.1)
      Aardvark.Base.Rendering (4.3.18)
      Aardvark.Base.Runtime (>= 4.0.16 < 4.1)
      Aardvark.Rendering.GL (4.3.18)
      FShade (>= 4.1.13 < 4.2)
      FSharp.Core (>= 4.3 < 4.4)
      Unofficial.OpenTK (>= 3.0.16 < 3.1)
    Aardvark.Application.WinForms (4.3.18)
      Aardvark.Application (4.3.18)
      Aardvark.Base.Essentials (>= 4.0.16 < 4.1)
      Aardvark.Base.Incremental (>= 4.0.16 < 4.1)
      Aardvark.Base.Rendering (4.3.18)
      FShade.Core (>= 4.1.13 < 4.2)
      FSharp.Core (>= 4.3 < 4.4)
    Aardvark.Application.WinForms.GL (4.3.18)
      Aardvark.Application (4.3.18)
      Aardvark.Application.WinForms (4.3.18)
      Aardvark.Base.Essentials (>= 4.0.16 < 4.1)
      Aardvark.Base.Incremental (>= 4.0.16 < 4.1)
      Aardvark.Base.Rendering (4.3.18)
      Aardvark.Base.Runtime (>= 4.0.16 < 4.1)
      Aardvark.Rendering.GL (4.3.18)
      FShade.Core (>= 4.1.13 < 4.2)
      FShade.GLSL (>= 4.1.13)
      FSharp.Core (>= 4.3 < 4.4)
      Unofficial.OpenTK (>= 3.0.16 < 3.1)
      Unofficial.OpenTK.GLControl (>= 3.0.16 < 3.1)
    Aardvark.Base (4.0.20)
      Aardvark.Base.Telemetry (4.0.20)
      DevILSharp (>= 0.2.4 < 0.3)
      System.Collections.Immutable (>= 1.4)
    Aardvark.Base.Essentials (4.0.20)
      Aardvark.Base (4.0.20)
      DevILSharp (>= 0.2.4 < 0.3)
      System.Collections.Immutable (>= 1.4)
      System.Reactive (>= 4.0.0-preview00001 < 4.1.0-preview)
    Aardvark.Base.FSharp (4.0.20)
      Aardvark.Base (4.0.20)
      Aardvark.Base.TypeProviders (4.0.20)
      DevILSharp (>= 0.2.4 < 0.3)
      FSharp.Core (>= 4.3 < 4.4)
      System.Dynamic.Runtime (>= 4.3 < 4.4)
    Aardvark.Base.Incremental (4.0.20)
      Aardvark.Base (4.0.20)
      Aardvark.Base.FSharp (4.0.20)
      Aardvark.Base.TypeProviders (4.0.20)
      DevILSharp (>= 0.2.4 < 0.3)
      FSharp.Core (>= 4.3 < 4.4)
    Aardvark.Base.Rendering (4.3.18)
      Aardvark.Base.Essentials (>= 4.0.16 < 4.1)
      Aardvark.Base.Incremental (>= 4.0.16 < 4.1)
      FShade.Core (>= 4.1.13 < 4.2)
      FSharp.Core (>= 4.3 < 4.4)
    Aardvark.Base.Runtime (4.0.20)
      Aardvark.Base.FSharp (4.0.20)
      Aardvark.Base.Incremental (4.0.20)
      Aardvark.Base.TypeProviders (4.0.20)
      DevILSharp (>= 0.2.4 < 0.3)
      FSharp.Core (>= 4.3 < 4.4)
    Aardvark.Base.Telemetry (4.0.20)
    Aardvark.Base.TypeProviders (4.0.20)
      FSharp.Core (>= 4.3 < 4.4)
    Aardvark.Compiler.DomainTypes (4.0.10)
      Aardvark.Base.Incremental (>= 4.0 < 4.1)
      FSharp.Core (>= 4.3 < 4.4)
    Aardvark.Compiler.DomainTypes.MSBuild (4.0.10)
      Aardvark.Compiler.DomainTypes (4.0.10)
    Aardvark.GPGPU (4.3.18)
      Aardvark.Base.Incremental (>= 4.0.16 < 4.1)
      Aardvark.Base.Rendering (4.3.18)
      FShade.Core (>= 4.1.13 < 4.2)
      FSharp.Core (>= 4.3 < 4.4)
    Aardvark.Rendering.GL (4.3.18)
      Aardvark.Base.Essentials (>= 4.0.16 < 4.1)
      Aardvark.Base.Incremental (>= 4.0.16 < 4.1)
      Aardvark.Base.Rendering (4.3.18)
      Aardvark.Base.Runtime (>= 4.0.16 < 4.1)
      FShade (>= 4.1.13 < 4.2)
      FSharp.Core (>= 4.3 < 4.4)
      Unofficial.OpenTK (>= 3.0.16 < 3.1)
    Aardvark.Rendering.Text (4.3.18)
      Aardvark.Base.Incremental (>= 4.0.16 < 4.1)
      Aardvark.Base.Rendering (4.3.18)
      Aardvark.SceneGraph (4.3.18)
      CommonMark.NET (>= 0.15.1 < 0.16)
      FShade.Core (>= 4.1.13 < 4.2)
      FSharp.Core (>= 4.3 < 4.4)
      Unofficial.LibTessDotNet (>= 2.0 < 2.1)
      Unofficial.Typography (>= 0.0.2 < 0.1)
    Aardvark.Rendering.Vulkan (4.3.18)
      Aardvark.Base.Incremental (>= 4.0.16 < 4.1)
      Aardvark.Base.Rendering (4.3.18)
      Aardvark.Base.Runtime (>= 4.0.16 < 4.1)
      FShade (>= 4.1.13 < 4.2)
      FSharp.Core (>= 4.3 < 4.4)
      GLSLangSharp (>= 0.4 < 0.5)
    Aardvark.SceneGraph (4.3.18)
      Aardvark.Base.Incremental (>= 4.0.16 < 4.1)
      Aardvark.Base.Rendering (4.3.18)
      FShade.Core (>= 4.1.13 < 4.2)
      FSharp.Core (>= 4.3 < 4.4)
    Aardvark.SceneGraph.IO (4.3.18)
      Aardvark.Base.Incremental (>= 4.0.16 < 4.1)
      Aardvark.Base.Rendering (4.3.18)
      Aardvark.SceneGraph (4.3.18)
      FShade.Core (>= 4.1.13 < 4.2)
      FSharp.Core (>= 4.3 < 4.4)
      Unofficial.AssimpNet (>= 4.0.1 < 4.1)
    CommonMark.NET (0.15.1)
    FShade (4.1.14)
      FShade.Core (4.1.14)
      FShade.GLSL (4.1.14)
      FShade.Imperative (4.1.14)
      FShade.SpirV (4.1.14)
    FShade.Core (4.1.14)
      Aardvark.Base (>= 4.0 < 4.1)
      Aardvark.Base.FSharp (>= 4.0 < 4.1)
      FShade.Imperative (4.1.14)
      FSharp.Core (>= 4.3 < 4.4)
    FShade.GLSL (4.1.14)
      Aardvark.Base (>= 4.0 < 4.1)
      Aardvark.Base.FSharp (>= 4.0 < 4.1)
      FShade.Core (4.1.14)
      FShade.Imperative (4.1.14)
      FSharp.Core (>= 4.3 < 4.4)
    FShade.Imperative (4.1.14)
      Aardvark.Base (>= 4.0 < 4.1)
      Aardvark.Base.FSharp (>= 4.0 < 4.1)
      FSharp.Core (>= 4.3 < 4.4)
      FsPickler (>= 5.2 < 5.3)
    FShade.SpirV (4.1.14)
      Aardvark.Base (>= 4.0 < 4.1)
      Aardvark.Base.FSharp (>= 4.0 < 4.1)
      FShade.Core (4.1.14)
      FShade.Imperative (4.1.14)
      FSharp.Core (>= 4.3 < 4.4)
    FSharp.Core (4.3.4)
    FsPickler (5.2)
      FSharp.Core (>= 3.1.2) - restriction: || (== net471) (&& (== netcoreapp2.0) (>= net45)) (&& (== netstandard2.0) (>= net45))
      FSharp.Core (>= 4.3.2) - restriction: || (&& (== net471) (< net45)) (== netcoreapp2.0) (== netstandard2.0)
      System.Reflection.Emit.Lightweight (>= 4.3) - restriction: || (&& (== net471) (< net45)) (== netcoreapp2.0) (== netstandard2.0)
    FsPickler.Json (5.2)
      FSharp.Core (>= 3.1.2) - restriction: || (== net471) (&& (== netcoreapp2.0) (>= net45)) (&& (== netstandard2.0) (>= net45))
      FSharp.Core (>= 4.3.2) - restriction: || (&& (== net471) (< net45)) (== netcoreapp2.0) (== netstandard2.0)
      Newtonsoft.Json (>= 6.0.5) - restriction: || (== net471) (&& (== netcoreapp2.0) (>= net45)) (&& (== netstandard2.0) (>= net45))
      Newtonsoft.Json (>= 10.0.1) - restriction: || (&& (== net471) (< net45)) (== netcoreapp2.0) (== netstandard2.0)
    GLSLangSharp (0.4)
      Aardvark.Base (>= 4.0)
      Aardvark.Base.FSharp (>= 4.0)
      FSharp.Core (>= 4.3)
    Microsoft.NETCore.Platforms (2.1) - restriction: || (&& (== net471) (< net45)) (&& (== net471) (>= netcoreapp2.0)) (&& (== net471) (< netstandard1.0)) (&& (== net471) (< netstandard1.3) (>= wpa81)) (&& (== net471) (< portable-net45+win8+wpa81)) (&& (== net471) (>= uap10.0)) (&& (== net471) (>= wp8)) (== netcoreapp2.0) (== netstandard2.0)
    Microsoft.NETCore.Targets (2.1) - restriction: || (&& (== net471) (>= dnxcore50)) (&& (== net471) (< net45)) (== netcoreapp2.0) (== netstandard2.0)
    NETStandard.Library (2.0.3) - restriction: || (&& (== net471) (< net45)) (== netcoreapp2.0) (== netstandard2.0)
      Microsoft.NETCore.Platforms (>= 1.1)
    Newtonsoft.Json (11.0.2)
    SharpZipLib (0.86)
    Suave (2.5.0-beta2)
      FSharp.Core (>= 4.0 < 5.0)
    System.Collections (4.3) - restriction: || (&& (== net471) (>= dnxcore50)) (&& (== net471) (< net45)) (== netcoreapp2.0) (== netstandard2.0)
      Microsoft.NETCore.Platforms (>= 1.1) - restriction: || (&& (== net471) (>= dnxcore50)) (&& (== net471) (< net45)) (== netcoreapp2.0) (== netstandard2.0)
      Microsoft.NETCore.Targets (>= 1.1) - restriction: || (&& (== net471) (>= dnxcore50)) (&& (== net471) (< net45)) (== netcoreapp2.0) (== netstandard2.0)
      System.Runtime (>= 4.3) - restriction: || (&& (== net471) (>= dnxcore50)) (&& (== net471) (< net45)) (== netcoreapp2.0) (== netstandard2.0)
    System.Collections.Immutable (1.5)
    System.Diagnostics.Debug (4.3) - restriction: || (&& (== net471) (>= dnxcore50)) (&& (== net471) (< net45)) (== netcoreapp2.0) (== netstandard2.0)
      Microsoft.NETCore.Platforms (>= 1.1) - restriction: || (&& (== net471) (>= dnxcore50)) (&& (== net471) (< net45)) (== netcoreapp2.0) (== netstandard2.0)
      Microsoft.NETCore.Targets (>= 1.1) - restriction: || (&& (== net471) (>= dnxcore50)) (&& (== net471) (< net45)) (== netcoreapp2.0) (== netstandard2.0)
      System.Runtime (>= 4.3) - restriction: || (&& (== net471) (>= dnxcore50)) (&& (== net471) (< net45)) (== netcoreapp2.0) (== netstandard2.0)
    System.Dynamic.Runtime (4.3)
      System.Collections (>= 4.3) - restriction: || (&& (== net471) (>= dnxcore50)) (&& (== net471) (< net45)) (== netcoreapp2.0) (== netstandard2.0)
      System.Diagnostics.Debug (>= 4.3) - restriction: || (&& (== net471) (>= dnxcore50)) (&& (== net471) (< net45)) (== netcoreapp2.0) (== netstandard2.0)
      System.Linq (>= 4.3) - restriction: || (&& (== net471) (>= dnxcore50)) (&& (== net471) (< net45)) (== netcoreapp2.0) (== netstandard2.0)
      System.Linq.Expressions (>= 4.3) - restriction: || (&& (== net471) (>= dnxcore50)) (&& (== net471) (< net45)) (== netcoreapp2.0) (== netstandard2.0)
      System.ObjectModel (>= 4.3) - restriction: || (&& (== net471) (>= dnxcore50)) (&& (== net471) (< net45)) (== netcoreapp2.0) (== netstandard2.0)
      System.Reflection (>= 4.3) - restriction: || (&& (== net471) (>= dnxcore50)) (&& (== net471) (< net45)) (== netcoreapp2.0) (== netstandard2.0)
      System.Reflection.Emit (>= 4.3) - restriction: || (&& (== net471) (< net45)) (== netcoreapp2.0) (== netstandard2.0)
      System.Reflection.Emit.ILGeneration (>= 4.3) - restriction: || (&& (== net471) (< net45)) (== netcoreapp2.0) (== netstandard2.0)
      System.Reflection.Primitives (>= 4.3) - restriction: || (&& (== net471) (< net45)) (== netcoreapp2.0) (== netstandard2.0)
      System.Reflection.TypeExtensions (>= 4.3) - restriction: || (&& (== net471) (>= dnxcore50)) (&& (== net471) (< net45)) (== netcoreapp2.0) (== netstandard2.0)
      System.Resources.ResourceManager (>= 4.3) - restriction: || (&& (== net471) (>= dnxcore50)) (&& (== net471) (< net45)) (== netcoreapp2.0) (== netstandard2.0)
      System.Runtime (>= 4.3) - restriction: || (&& (== net471) (>= dnxcore50)) (&& (== net471) (< net45)) (== netcoreapp2.0) (== netstandard2.0)
      System.Runtime.Extensions (>= 4.3) - restriction: || (&& (== net471) (>= dnxcore50)) (&& (== net471) (< net45)) (== netcoreapp2.0) (== netstandard2.0)
      System.Threading (>= 4.3) - restriction: || (&& (== net471) (>= dnxcore50)) (&& (== net471) (< net45)) (== netcoreapp2.0) (== netstandard2.0)
    System.Globalization (4.3) - restriction: || (&& (== net471) (>= dnxcore50)) (&& (== net471) (< net45)) (== netcoreapp2.0) (== netstandard2.0)
      Microsoft.NETCore.Platforms (>= 1.1) - restriction: || (&& (== net471) (>= dnxcore50)) (&& (== net471) (< net45)) (== netcoreapp2.0) (== netstandard2.0)
      Microsoft.NETCore.Targets (>= 1.1) - restriction: || (&& (== net471) (>= dnxcore50)) (&& (== net471) (< net45)) (== netcoreapp2.0) (== netstandard2.0)
      System.Runtime (>= 4.3) - restriction: || (&& (== net471) (>= dnxcore50)) (&& (== net471) (< net45)) (== netcoreapp2.0) (== netstandard2.0)
    System.IO (4.3) - restriction: || (&& (== net471) (>= dnxcore50)) (&& (== net471) (< net45)) (== netcoreapp2.0) (== netstandard2.0)
      Microsoft.NETCore.Platforms (>= 1.1) - restriction: || (&& (== net471) (>= dnxcore50)) (&& (== net471) (< net45)) (== netcoreapp2.0) (== netstandard2.0)
      Microsoft.NETCore.Targets (>= 1.1) - restriction: || (&& (== net471) (>= dnxcore50)) (&& (== net471) (< net45)) (== netcoreapp2.0) (== netstandard2.0)
      System.Runtime (>= 4.3) - restriction: || (&& (== net471) (>= dnxcore50)) (&& (== net471) (< net45)) (== netcoreapp2.0) (== netstandard2.0)
      System.Text.Encoding (>= 4.3) - restriction: || (&& (== net471) (>= dnxcore50)) (&& (== net471) (< net45)) (== netcoreapp2.0) (== netstandard2.0)
      System.Threading.Tasks (>= 4.3) - restriction: || (&& (== net471) (>= dnxcore50)) (&& (== net471) (< net45)) (== netcoreapp2.0) (== netstandard2.0)
    System.Linq (4.3) - restriction: || (&& (== net471) (>= dnxcore50)) (&& (== net471) (< net45)) (== netcoreapp2.0) (== netstandard2.0)
      System.Collections (>= 4.3) - restriction: || (&& (== net471) (>= dnxcore50)) (&& (== net471) (< net45)) (== netcoreapp2.0) (== netstandard2.0)
      System.Diagnostics.Debug (>= 4.3) - restriction: || (&& (== net471) (>= dnxcore50)) (&& (== net471) (< net45)) (== netcoreapp2.0) (== netstandard2.0)
      System.Resources.ResourceManager (>= 4.3) - restriction: || (&& (== net471) (>= dnxcore50)) (&& (== net471) (< net45)) (== netcoreapp2.0) (== netstandard2.0)
      System.Runtime (>= 4.3) - restriction: || (&& (== net471) (>= dnxcore50)) (&& (== net471) (< net45)) (== netcoreapp2.0) (== netstandard2.0)
      System.Runtime.Extensions (>= 4.3) - restriction: || (&& (== net471) (>= dnxcore50)) (&& (== net471) (< net45)) (== netcoreapp2.0) (== netstandard2.0)
    System.Linq.Expressions (4.3) - restriction: || (&& (== net471) (>= dnxcore50)) (&& (== net471) (< net45)) (== netcoreapp2.0) (== netstandard2.0)
      System.Collections (>= 4.3) - restriction: || (&& (== net471) (>= dnxcore50)) (&& (== net471) (< net45)) (== netcoreapp2.0) (== netstandard2.0)
      System.Diagnostics.Debug (>= 4.3) - restriction: || (&& (== net471) (>= dnxcore50)) (&& (== net471) (< net45)) (== netcoreapp2.0) (== netstandard2.0)
      System.Globalization (>= 4.3) - restriction: || (&& (== net471) (>= dnxcore50)) (&& (== net471) (< net45)) (== netcoreapp2.0) (== netstandard2.0)
      System.IO (>= 4.3) - restriction: || (&& (== net471) (>= dnxcore50)) (&& (== net471) (< net45)) (== netcoreapp2.0) (== netstandard2.0)
      System.Linq (>= 4.3) - restriction: || (&& (== net471) (>= dnxcore50)) (&& (== net471) (< net45)) (== netcoreapp2.0) (== netstandard2.0)
      System.ObjectModel (>= 4.3) - restriction: || (&& (== net471) (< net45)) (== netcoreapp2.0) (== netstandard2.0)
      System.Reflection (>= 4.3) - restriction: || (&& (== net471) (>= dnxcore50)) (&& (== net471) (< net45)) (== netcoreapp2.0) (== netstandard2.0)
      System.Reflection.Emit (>= 4.3) - restriction: || (&& (== net471) (< net45)) (== netcoreapp2.0) (== netstandard2.0)
      System.Reflection.Emit.ILGeneration (>= 4.3) - restriction: || (&& (== net471) (>= dnxcore50)) (&& (== net471) (< net45)) (== netcoreapp2.0) (== netstandard2.0)
      System.Reflection.Emit.Lightweight (>= 4.3) - restriction: || (&& (== net471) (>= dnxcore50)) (&& (== net471) (< net45)) (== netcoreapp2.0) (== netstandard2.0)
      System.Reflection.Extensions (>= 4.3) - restriction: || (&& (== net471) (>= dnxcore50)) (&& (== net471) (< net45)) (== netcoreapp2.0) (== netstandard2.0)
      System.Reflection.Primitives (>= 4.3) - restriction: || (&& (== net471) (>= dnxcore50)) (&& (== net471) (< net45)) (== netcoreapp2.0) (== netstandard2.0)
      System.Reflection.TypeExtensions (>= 4.3) - restriction: || (&& (== net471) (>= dnxcore50)) (&& (== net471) (< net45)) (== netcoreapp2.0) (== netstandard2.0)
      System.Resources.ResourceManager (>= 4.3) - restriction: || (&& (== net471) (>= dnxcore50)) (&& (== net471) (< net45)) (== netcoreapp2.0) (== netstandard2.0)
      System.Runtime (>= 4.3) - restriction: || (&& (== net471) (>= dnxcore50)) (&& (== net471) (< net45)) (== netcoreapp2.0) (== netstandard2.0)
      System.Runtime.Extensions (>= 4.3) - restriction: || (&& (== net471) (>= dnxcore50)) (&& (== net471) (< net45)) (== netcoreapp2.0) (== netstandard2.0)
      System.Threading (>= 4.3) - restriction: || (&& (== net471) (>= dnxcore50)) (&& (== net471) (< net45)) (== netcoreapp2.0) (== netstandard2.0)
    System.ObjectModel (4.3) - restriction: || (&& (== net471) (>= dnxcore50)) (&& (== net471) (< net45)) (== netcoreapp2.0) (== netstandard2.0)
      System.Collections (>= 4.3) - restriction: || (&& (== net471) (>= dnxcore50)) (&& (== net471) (< net45)) (== netcoreapp2.0) (== netstandard2.0)
      System.Diagnostics.Debug (>= 4.3) - restriction: || (&& (== net471) (>= dnxcore50)) (&& (== net471) (< net45)) (== netcoreapp2.0) (== netstandard2.0)
      System.Resources.ResourceManager (>= 4.3) - restriction: || (&& (== net471) (>= dnxcore50)) (&& (== net471) (< net45)) (== netcoreapp2.0) (== netstandard2.0)
      System.Runtime (>= 4.3) - restriction: || (&& (== net471) (>= dnxcore50)) (&& (== net471) (< net45)) (== netcoreapp2.0) (== netstandard2.0)
      System.Threading (>= 4.3) - restriction: || (&& (== net471) (>= dnxcore50)) (&& (== net471) (< net45)) (== netcoreapp2.0) (== netstandard2.0)
    System.Reactive (4.0)
      System.Runtime.InteropServices.WindowsRuntime (>= 4.3) - restriction: || (&& (== net471) (< net46)) (== netcoreapp2.0) (== netstandard2.0)
    System.Reflection (4.3) - restriction: || (&& (== net471) (>= dnxcore50)) (&& (== net471) (< net45)) (== netcoreapp2.0) (== netstandard2.0)
      Microsoft.NETCore.Platforms (>= 1.1) - restriction: || (&& (== net471) (>= dnxcore50)) (&& (== net471) (< net45)) (== netcoreapp2.0) (== netstandard2.0)
      Microsoft.NETCore.Targets (>= 1.1) - restriction: || (&& (== net471) (>= dnxcore50)) (&& (== net471) (< net45)) (== netcoreapp2.0) (== netstandard2.0)
      System.IO (>= 4.3) - restriction: || (&& (== net471) (>= dnxcore50)) (&& (== net471) (< net45)) (== netcoreapp2.0) (== netstandard2.0)
      System.Reflection.Primitives (>= 4.3) - restriction: || (&& (== net471) (>= dnxcore50)) (&& (== net471) (< net45)) (== netcoreapp2.0) (== netstandard2.0)
      System.Runtime (>= 4.3) - restriction: || (&& (== net471) (>= dnxcore50)) (&& (== net471) (< net45)) (== netcoreapp2.0) (== netstandard2.0)
    System.Reflection.Emit (4.3) - restriction: || (&& (== net471) (< net45)) (== netcoreapp2.0) (== netstandard2.0)
      System.IO (>= 4.3) - restriction: || (&& (== net471) (< net45)) (== netcoreapp2.0) (== netstandard2.0)
      System.Reflection (>= 4.3) - restriction: || (&& (== net471) (< net45)) (== netcoreapp2.0) (== netstandard2.0)
      System.Reflection.Emit.ILGeneration (>= 4.3) - restriction: || (&& (== net471) (< net45)) (== netcoreapp2.0) (== netstandard2.0)
      System.Reflection.Primitives (>= 4.3) - restriction: || (&& (== net471) (< net45)) (== netcoreapp2.0) (== netstandard2.0)
      System.Runtime (>= 4.3) - restriction: || (&& (== net471) (< net45)) (== netcoreapp2.0) (== netstandard2.0)
    System.Reflection.Emit.ILGeneration (4.3) - restriction: || (&& (== net471) (< net45)) (== netcoreapp2.0) (== netstandard2.0)
      System.Reflection (>= 4.3) - restriction: || (&& (== net471) (< net45)) (== netcoreapp2.0) (== netstandard2.0)
      System.Reflection.Primitives (>= 4.3) - restriction: || (&& (== net471) (< net45)) (== netcoreapp2.0) (== netstandard2.0)
      System.Runtime (>= 4.3) - restriction: || (&& (== net471) (< net45)) (== netcoreapp2.0) (== netstandard2.0)
    System.Reflection.Emit.Lightweight (4.3) - restriction: || (&& (== net471) (< net45)) (== netcoreapp2.0) (== netstandard2.0)
      System.Reflection (>= 4.3) - restriction: || (&& (== net471) (< net45)) (== netcoreapp2.0) (== netstandard2.0)
      System.Reflection.Emit.ILGeneration (>= 4.3) - restriction: || (&& (== net471) (< net45)) (== netcoreapp2.0) (== netstandard2.0)
      System.Reflection.Primitives (>= 4.3) - restriction: || (&& (== net471) (< net45)) (== netcoreapp2.0) (== netstandard2.0)
      System.Runtime (>= 4.3) - restriction: || (&& (== net471) (< net45)) (== netcoreapp2.0) (== netstandard2.0)
    System.Reflection.Extensions (4.3) - restriction: || (&& (== net471) (>= dnxcore50)) (&& (== net471) (< net45)) (== netcoreapp2.0) (== netstandard2.0)
      Microsoft.NETCore.Platforms (>= 1.1) - restriction: || (&& (== net471) (>= dnxcore50)) (&& (== net471) (< net45)) (== netcoreapp2.0) (== netstandard2.0)
      Microsoft.NETCore.Targets (>= 1.1) - restriction: || (&& (== net471) (>= dnxcore50)) (&& (== net471) (< net45)) (== netcoreapp2.0) (== netstandard2.0)
      System.Reflection (>= 4.3) - restriction: || (&& (== net471) (>= dnxcore50)) (&& (== net471) (< net45)) (== netcoreapp2.0) (== netstandard2.0)
      System.Runtime (>= 4.3) - restriction: || (&& (== net471) (>= dnxcore50)) (&& (== net471) (< net45)) (== netcoreapp2.0) (== netstandard2.0)
    System.Reflection.Primitives (4.3) - restriction: || (&& (== net471) (< net45)) (== netcoreapp2.0) (== netstandard2.0)
      Microsoft.NETCore.Platforms (>= 1.1) - restriction: || (&& (== net471) (>= dnxcore50)) (&& (== net471) (< net45)) (== netcoreapp2.0) (== netstandard2.0)
      Microsoft.NETCore.Targets (>= 1.1) - restriction: || (&& (== net471) (>= dnxcore50)) (&& (== net471) (< net45)) (== netcoreapp2.0) (== netstandard2.0)
      System.Runtime (>= 4.3) - restriction: || (&& (== net471) (>= dnxcore50)) (&& (== net471) (< net45)) (== netcoreapp2.0) (== netstandard2.0)
    System.Reflection.TypeExtensions (4.5) - restriction: || (&& (== net471) (>= dnxcore50)) (&& (== net471) (< net45)) (== netcoreapp2.0) (== netstandard2.0)
    System.Resources.ResourceManager (4.3) - restriction: || (&& (== net471) (>= dnxcore50)) (&& (== net471) (< net45)) (== netcoreapp2.0) (== netstandard2.0)
      Microsoft.NETCore.Platforms (>= 1.1) - restriction: || (&& (== net471) (>= dnxcore50)) (&& (== net471) (< net45)) (== netcoreapp2.0) (== netstandard2.0)
      Microsoft.NETCore.Targets (>= 1.1) - restriction: || (&& (== net471) (>= dnxcore50)) (&& (== net471) (< net45)) (== netcoreapp2.0) (== netstandard2.0)
      System.Globalization (>= 4.3) - restriction: || (&& (== net471) (>= dnxcore50)) (&& (== net471) (< net45)) (== netcoreapp2.0) (== netstandard2.0)
      System.Reflection (>= 4.3) - restriction: || (&& (== net471) (>= dnxcore50)) (&& (== net471) (< net45)) (== netcoreapp2.0) (== netstandard2.0)
      System.Runtime (>= 4.3) - restriction: || (&& (== net471) (>= dnxcore50)) (&& (== net471) (< net45)) (== netcoreapp2.0) (== netstandard2.0)
    System.Runtime (4.3) - restriction: || (&& (== net471) (>= dnxcore50)) (&& (== net471) (< net45)) (== netcoreapp2.0) (== netstandard2.0)
      Microsoft.NETCore.Platforms (>= 1.1) - restriction: || (&& (== net471) (>= dnxcore50)) (&& (== net471) (< net45)) (== netcoreapp2.0) (== netstandard2.0)
      Microsoft.NETCore.Targets (>= 1.1) - restriction: || (&& (== net471) (>= dnxcore50)) (&& (== net471) (< net45)) (== netcoreapp2.0) (== netstandard2.0)
    System.Runtime.Extensions (4.3) - restriction: || (&& (== net471) (>= dnxcore50)) (&& (== net471) (< net45)) (== netcoreapp2.0) (== netstandard2.0)
      Microsoft.NETCore.Platforms (>= 1.1) - restriction: || (&& (== net471) (>= dnxcore50)) (&& (== net471) (< net45)) (== netcoreapp2.0) (== netstandard2.0)
      Microsoft.NETCore.Targets (>= 1.1) - restriction: || (&& (== net471) (>= dnxcore50)) (&& (== net471) (< net45)) (== netcoreapp2.0) (== netstandard2.0)
      System.Runtime (>= 4.3) - restriction: || (&& (== net471) (>= dnxcore50)) (&& (== net471) (< net45)) (== netcoreapp2.0) (== netstandard2.0)
    System.Runtime.InteropServices.WindowsRuntime (4.3) - restriction: || (&& (== net471) (< net46)) (== netcoreapp2.0) (== netstandard2.0)
      System.Runtime (>= 4.3) - restriction: || (&& (== net471) (>= dnxcore50)) (&& (== net471) (< net45)) (== netcoreapp2.0) (== netstandard2.0)
    System.Text.Encoding (4.3) - restriction: || (&& (== net471) (>= dnxcore50)) (&& (== net471) (< net45)) (== netcoreapp2.0) (== netstandard2.0)
      Microsoft.NETCore.Platforms (>= 1.1) - restriction: || (&& (== net471) (>= dnxcore50)) (&& (== net471) (< net45)) (== netcoreapp2.0) (== netstandard2.0)
      Microsoft.NETCore.Targets (>= 1.1) - restriction: || (&& (== net471) (>= dnxcore50)) (&& (== net471) (< net45)) (== netcoreapp2.0) (== netstandard2.0)
      System.Runtime (>= 4.3) - restriction: || (&& (== net471) (>= dnxcore50)) (&& (== net471) (< net45)) (== netcoreapp2.0) (== netstandard2.0)
    System.Threading (4.3) - restriction: || (&& (== net471) (>= dnxcore50)) (&& (== net471) (< net45)) (== netcoreapp2.0) (== netstandard2.0)
      System.Runtime (>= 4.3) - restriction: || (&& (== net471) (>= dnxcore50)) (&& (== net471) (< net45)) (== netcoreapp2.0) (== netstandard2.0)
      System.Threading.Tasks (>= 4.3) - restriction: || (&& (== net471) (>= dnxcore50)) (&& (== net471) (< net45)) (== netcoreapp2.0) (== netstandard2.0)
    System.Threading.Tasks (4.3) - restriction: || (&& (== net471) (>= dnxcore50)) (&& (== net471) (< net45)) (== netcoreapp2.0) (== netstandard2.0)
      Microsoft.NETCore.Platforms (>= 1.1) - restriction: || (&& (== net471) (>= dnxcore50)) (&& (== net471) (< net45)) (== netcoreapp2.0) (== netstandard2.0)
      Microsoft.NETCore.Targets (>= 1.1) - restriction: || (&& (== net471) (>= dnxcore50)) (&& (== net471) (< net45)) (== netcoreapp2.0) (== netstandard2.0)
      System.Runtime (>= 4.3) - restriction: || (&& (== net471) (>= dnxcore50)) (&& (== net471) (< net45)) (== netcoreapp2.0) (== netstandard2.0)
    TurboJpegWrapper (1.5.2)
      NETStandard.Library (>= 1.6.1) - restriction: || (&& (== net471) (< net45)) (== netcoreapp2.0) (== netstandard2.0)

GROUP Build
CONTENT: NONE
RESTRICTION: == net45
NUGET
  remote: https://api.nuget.org/v3/index.json
    FAKE (4.63.2)
    FSharp.Formatting.CommandTool (2.14.4)
    Mono.Cecil (0.10)
    SourceLink.Fake (1.1)
GITHUB
  remote: aardvark-platform/aardvark.fake
    FULLPROJECT (7bebbfdb07cbf4ec6426be3f813dc367a0614e6a)
      FAKE (>= 4.63 < 4.64)
      Mono.Cecil (>= 0.10.0-beta6 < 0.11)
      SourceLink.Fake (>= 1.1 < 1.2)